GEM
  remote: http://rubygems.org/
  specs:
    fusefs (0.7.0)

PLATFORMS
  ruby

DEPENDENCIES
  fusefs
